GEM
  specs:
    faraday (0.8.0)
      multipart-post (~> 1.1)
    httpauth (0.1)
    mime-types (1.18)
    multi_json (1.3.6)
    multipart-post (1.1.5)
    oauth2 (0.7.1)
      faraday (~> 0.8)
      httpauth (~> 0.1)
      multi_json (~> 1.0)
      rack (~> 1.4)
    rack (1.4.1)
    rest-client (1.6.7)
      mime-types (>= 1.16)

PLATFORMS
  ruby

DEPENDENCIES
  oauth2
  rest-client
